GIT
  remote: git://github.com/hmans/flutterby.git
  revision: eb30c6e3d75bec72f18ee2ab5ddf20a7fd762b68
  branch: master
  specs:
    flutterby (0.5.0)
      activesupport (~> 5.0)
      better_errors (~> 2.1)
      builder (~> 3.2)
      erubis (~> 2.7)
      erubis-auto (~> 1.0)
      highline (~> 1.7)
      json (~> 2.0)
      listen (~> 3.1)
      mime-types (~> 3.1)
      rack (~> 2.0)
      sass (~> 3.4)
      slim (~> 3.0)
      slodown (~> 0.4)
      thor (~> 0.19)
      tilt (~> 2.0)
      toml-rb (~> 0.3)

GEM
  remote: https://rubygems.org/
  specs:
    activesupport (5.0.1)
      concurrent-ruby (~> 1.0, >= 1.0.2)
      i18n (~> 0.7)
      minitest (~> 5.1)
      tzinfo (~> 1.1)
    better_errors (2.1.1)
      coderay (>= 1.0.0)
      erubis (>= 2.6.6)
      rack (>= 0.9.0)
    builder (3.2.3)
    citrus (3.0.2)
    coderay (1.1.1)
    concurrent-ruby (1.0.4)
    crass (1.0.2)
    erubis (2.7.0)
    erubis-auto (1.0.1)
      erubis (>= 2.7.0)
    ffi (1.9.17)
    highline (1.7.8)
    i18n (0.7.0)
    json (2.0.3)
    kramdown (1.13.2)
    listen (3.1.5)
      rb-fsevent (~> 0.9, >= 0.9.4)
      rb-inotify (~> 0.9, >= 0.9.7)
      ruby_dep (~> 1.2)
    mime-types (3.1)
      mime-types-data (~> 3.2015)
    mime-types-data (3.2016.0521)
    mini_portile2 (2.1.0)
    minitest (5.10.1)
    nokogiri (1.7.0.1)
      mini_portile2 (~> 2.1.0)
    nokogumbo (1.4.10)
      nokogiri
    rack (2.0.1)
    rake (12.0.0)
    rb-fsevent (0.9.8)
    rb-inotify (0.9.7)
      ffi (>= 0.5.0)
    rinku (2.0.2)
    ruby-oembed (0.10.1)
    ruby_dep (1.5.0)
    sanitize (4.4.0)
      crass (~> 1.0.2)
      nokogiri (>= 1.4.4)
      nokogumbo (~> 1.4.1)
    sass (3.4.23)
    slim (3.0.7)
      temple (~> 0.7.6)
      tilt (>= 1.3.3, < 2.1)
    slodown (0.4.0)
      kramdown (>= 1.5.0)
      rinku (>= 1.7.0)
      ruby-oembed (>= 0.9.0)
      sanitize (>= 2.0.0)
    temple (0.7.7)
    thor (0.19.4)
    thread_safe (0.3.5)
    tilt (2.0.5)
    toml-rb (0.3.15)
      citrus (~> 3.0, > 3.0)
    tzinfo (1.2.2)
      thread_safe (~> 0.1)

PLATFORMS
  ruby

DEPENDENCIES
  flutterby!
  rake

BUNDLED WITH
   1.13.7
